PATH
  remote: .
  specs:
    newest-latest (0.0.0)

GEM
  remote: http://rubygems.org/
  specs:

PLATFORMS
  ruby

DEPENDENCIES
  newest-latest!
